GEM
  remote: https://rubygems.org/
  specs:
    em-sflow (1.0.1)
      eventmachine (>= 0.12.10)
    eventmachine (1.0.0)

PLATFORMS
  ruby

DEPENDENCIES
  em-sflow
